GIT
  remote: git://github.com/bpaquet/foodcritic.git
  revision: 83808ff8ee86e5121309219ecd0aa5b900bb5b0e
  specs:
    foodcritic (2.1.0)
      erubis
      gherkin (~> 2.11.7)
      nokogiri (~> 1.5.4)
      rak (~> 1.4)
      treetop (~> 1.4.10)
      yajl-ruby (~> 1.1.0)

GEM
  remote: http://rubygems.org/
  specs:
    erubis (2.7.0)
    gherkin (2.11.8)
      multi_json (~> 1.3)
    multi_json (1.7.4)
    nokogiri (1.5.9)
    polyglot (0.3.3)
    rak (1.4)
    rake (10.0.4)
    treetop (1.4.12)
      polyglot
      polyglot (>= 0.3.1)
    yajl-ruby (1.1.0)

PLATFORMS
  ruby

DEPENDENCIES
  foodcritic!
  rake
